GIT
  remote: git@github.com:Dan2552/avian.git
  revision: df2688517c9e6a4e2dbb630128dda6d75d6e1e93
  specs:
    avian (0.1.0)
      activesupport (~> 5.2)
      process_output_wrapper (> 0)
      thor (~> 0.20.3)

GEM
  remote: https://rubygems.org/
  specs:
    activesupport (5.2.3)
      concurrent-ruby (~> 1.0, >= 1.0.2)
      i18n (>= 0.7, < 2)
      minitest (~> 5.1)
      tzinfo (~> 1.1)
    concurrent-ruby (1.1.5)
    gosu (0.14.5)
    i18n (1.7.0)
      concurrent-ruby (~> 1.0)
    minitest (5.12.2)
    process_output_wrapper (0.1.0)
    thor (0.20.3)
    thread_safe (0.3.6)
    tzinfo (1.2.5)
      thread_safe (~> 0.1)

PLATFORMS
  ruby

DEPENDENCIES
  activesupport
  avian!
  gosu

BUNDLED WITH
   1.17.3
